{
  "TaskName": "nback",
  "Manufacturer": "io:bio",
  "PowerLineFrequency": 50.0,
  "SamplingFrequency": 250.0,
  "SoftwareFilters": "n/a",
  "RecordingDuration": 978.98,
  "RecordingType": "continuous",
  "EEGReference": "linked ears (Ag/AgCl)",
  "EEGGround": "n/a",
  "EEGPlacementScheme": "based on the extended 10/20 system",
  "EEGChannelCount": 19,
  "EOGChannelCount": 0,
  "ECGChannelCount": 1,
  "EMGChannelCount": 0,
  "TriggerChannelCount": 0,
  "ManufacturersModelName": "io:bio mobile EEG system",
  "CogPOID": "n/a",
  "MISCChannelCount": 4
}
