{
  "ECGChannelCount": 1,
  "EEGChannelCount": 19,
  "EEGGround": "n/a",
  "EEGPlacementScheme": "International 10-20 system",
  "EEGReference": "linked ears (Ag/AgCl)",
  "EMGChannelCount": 0,
  "EOGChannelCount": 0,
  "HardwareFilters": "n/a",
  "Manufacturer": "Mobile EEG system",
  "MiscChannelCount": 4,
  "PowerLineFrequency": 50.0,
  "RecordingDuration": 1026.5,
  "RecordingType": "continuous",
  "SamplingFrequency": 250.0,
  "SoftwareFilters": "n/a",
  "TaskName": "nback",
  "TriggerChannelCount": 0,
  "ManufacturersModelName": "Mobile EEG system (Bateson and Asghar, 2021; Clewett et al., 2016)",
  "MISCChannelCount": 4
}
